GEM
  remote: https://rubygems.org/
  specs:
    actioncable (6.1.4.1)
      actionpack (= 6.1.4.1)
      activesupport (= 6.1.4.1)
      nio4r (~> 2.0)
      websocket-driver (>= 0.6.1)
    actionmailbox (6.1.4.1)
      actionpack (= 6.1.4.1)
      activejob (= 6.1.4.1)
      activerecord (= 6.1.4.1)
      activestorage (= 6.1.4.1)
      activesupport (= 6.1.4.1)
      mail (>= 2.7.1)
    actionmailer (6.1.4.1)
      actionpack (= 6.1.4.1)
      actionview (= 6.1.4.1)
      activejob (= 6.1.4.1)
      activesupport (= 6.1.4.1)
      mail (~> 2.5, >= 2.5.4)
      rails-dom-testing (~> 2.0)
    actionpack (6.1.4.1)
      actionview (= 6.1.4.1)
      activesupport (= 6.1.4.1)
      rack (~> 2.0, >= 2.0.9)
      rack-test (>= 0.6.3)
      rails-dom-testing (~> 2.0)
      rails-html-sanitizer (~> 1.0, >= 1.2.0)
    actiontext (6.1.4.1)
      actionpack (= 6.1.4.1)
      activerecord (= 6.1.4.1)
      activestorage (= 6.1.4.1)
      activesupport (= 6.1.4.1)
      nokogiri (>= 1.8.5)
    actionview (6.1.4.1)
      activesupport (= 6.1.4.1)
      builder (~> 3.1)
      erubi (~> 1.4)
      rails-dom-testing (~> 2.0)
      rails-html-sanitizer (~> 1.1, >= 1.2.0)
    activejob (6.1.4.1)
      activesupport (= 6.1.4.1)
      globalid (>= 0.3.6)
    activemodel (6.1.4.1)
      activesupport (= 6.1.4.1)
    activerecord (6.1.4.1)
      activemodel (= 6.1.4.1)
      activesupport (= 6.1.4.1)
    activestorage (6.1.4.1)
      actionpack (= 6.1.4.1)
      activejob (= 6.1.4.1)
      activerecord (= 6.1.4.1)
      activesupport (= 6.1.4.1)
      marcel (~> 1.0.0)
      mini_mime (>= 1.1.0)
    activesupport (6.1.4.1)
      concurrent-ruby (~> 1.0, >= 1.0.2)
      i18n (>= 1.6, < 2)
      minitest (>= 5.1)
      tzinfo (~> 2.0)
      zeitwerk (~> 2.3)
    airbrussh (1.4.0)
      sshkit (>= 1.6.1, != 1.7.0)
    awesome_print (1.9.2)
    bcrypt (3.1.16)
    bindex (0.8.1)
    builder (3.2.4)
    byebug (11.1.3)
    capistrano (3.16.0)
      airbrussh (>= 1.0.0)
      i18n
      rake (>= 10.0.0)
      sshkit (>= 1.9.0)
    capistrano-bundler (2.0.1)
      capistrano (~> 3.1)
    capistrano-faster-assets (1.1.0)
      capistrano (>= 3.1)
    capistrano-passenger (0.2.1)
      capistrano (~> 3.0)
    capistrano-rails (1.6.1)
      capistrano (~> 3.1)
      capistrano-bundler (>= 1.1, < 3)
    capistrano-rvm (0.1.2)
      capistrano (~> 3.0)
      sshkit (~> 1.2)
    capistrano-secrets-yml (1.2.1)
      capistrano (>= 3.10)
      sshkit (>= 1.17.0)
    capistrano-upload-config (0.8.2)
      capistrano (>= 3.0)
    chartkick (4.1.0)
    chronic (0.10.2)
    coffee-rails (4.2.2)
      coffee-script (>= 2.2.0)
      railties (>= 4.0.0)
    coffee-script (2.4.1)
      coffee-script-source
      execjs
    coffee-script-source (1.12.2)
    concurrent-ruby (1.1.9)
    crass (1.0.6)
    devise (4.8.0)
      bcrypt (~> 3.0)
      orm_adapter (~> 0.1)
      railties (>= 4.1.0)
      responders
      warden (~> 1.2.3)
    erubi (1.10.0)
    execjs (2.8.1)
    ffi (1.15.4)
    globalid (0.5.2)
      activesupport (>= 5.0)
    groupdate (3.0.2)
      activesupport (>= 3)
    httparty (0.20.0)
      mime-types (~> 3.0)
      multi_xml (>= 0.5.2)
    i18n (1.8.11)
      concurrent-ruby (~> 1.0)
    jbuilder (2.11.2)
      activesupport (>= 5.0.0)
    jquery-rails (4.4.0)
      rails-dom-testing (>= 1, < 3)
      railties (>= 4.2.0)
      thor (>= 0.14, < 2.0)
    listen (3.7.0)
      rb-fsevent (~> 0.10, >= 0.10.3)
      rb-inotify (~> 0.9, >= 0.9.10)
    loofah (2.12.0)
      crass (~> 1.0.2)
      nokogiri (>= 1.5.9)
    mail (2.7.1)
      mini_mime (>= 0.1.1)
    marcel (1.0.2)
    method_source (1.0.0)
    mime-types (3.3.1)
      mime-types-data (~> 3.2015)
    mime-types-data (3.2021.0901)
    mini_mime (1.1.2)
    minitest (5.14.4)
    multi_xml (0.6.0)
    mysql2 (0.5.3)
    net-scp (3.0.0)
      net-ssh (>= 2.6.5, < 7.0.0)
    net-ssh (6.1.0)
    nio4r (2.5.8)
    nokogiri (1.12.5-arm64-darwin)
      racc (~> 1.4)
    orm_adapter (0.5.0)
    puma (5.5.2)
      nio4r (~> 2.0)
    racc (1.6.0)
    rack (2.2.3)
    rack-cors (1.1.1)
      rack (>= 2.0.0)
    rack-test (1.1.0)
      rack (>= 1.0, < 3)
    rails (6.1.4.1)
      actioncable (= 6.1.4.1)
      actionmailbox (= 6.1.4.1)
      actionmailer (= 6.1.4.1)
      actionpack (= 6.1.4.1)
      actiontext (= 6.1.4.1)
      actionview (= 6.1.4.1)
      activejob (= 6.1.4.1)
      activemodel (= 6.1.4.1)
      activerecord (= 6.1.4.1)
      activestorage (= 6.1.4.1)
      activesupport (= 6.1.4.1)
      bundler (>= 1.15.0)
      railties (= 6.1.4.1)
      sprockets-rails (>= 2.0.0)
    rails-dom-testing (2.0.3)
      activesupport (>= 4.2.0)
      nokogiri (>= 1.6)
    rails-html-sanitizer (1.4.2)
      loofah (~> 2.3)
    railties (6.1.4.1)
      actionpack (= 6.1.4.1)
      activesupport (= 6.1.4.1)
      method_source
      rake (>= 0.13)
      thor (~> 1.0)
    rake (13.0.6)
    rb-fsevent (0.11.0)
    rb-inotify (0.10.1)
      ffi (~> 1.0)
    responders (3.0.1)
      actionpack (>= 5.0)
      railties (>= 5.0)
    rolify (6.0.0)
    sass (3.7.4)
      sass-listen (~> 4.0.0)
    sass-listen (4.0.0)
      rb-fsevent (~> 0.9, >= 0.9.4)
      rb-inotify (~> 0.9, >= 0.9.7)
    sass-rails (5.1.0)
      railties (>= 5.2.0)
      sass (~> 3.1)
      sprockets (>= 2.8, < 4.0)
      sprockets-rails (>= 2.0, < 4.0)
      tilt (>= 1.1, < 3)
    spring (2.1.1)
    spring-watcher-listen (2.0.1)
      listen (>= 2.7, < 4.0)
      spring (>= 1.2, < 3.0)
    sprockets (3.7.2)
      concurrent-ruby (~> 1.0)
      rack (> 1, < 3)
    sprockets-rails (3.2.2)
      actionpack (>= 4.0)
      activesupport (>= 4.0)
      sprockets (>= 3.0.0)
    sqlite3 (1.4.2)
    sshkit (1.21.2)
      net-scp (>= 1.1.2)
      net-ssh (>= 2.8.0)
    thor (1.1.0)
    tilt (2.0.10)
    turbolinks (5.2.1)
      turbolinks-source (~> 5.2)
    turbolinks-source (5.2.0)
    tzinfo (2.0.4)
      concurrent-ruby (~> 1.0)
    uglifier (4.2.0)
      execjs (>= 0.3.0, < 3)
    warden (1.2.9)
      rack (>= 2.0.9)
    web-console (4.1.0)
      actionview (>= 6.0.0)
      activemodel (>= 6.0.0)
      bindex (>= 0.4.0)
      railties (>= 6.0.0)
    websocket-driver (0.7.5)
      websocket-extensions (>= 0.1.0)
    websocket-extensions (0.1.5)
    whenever (1.0.0)
      chronic (>= 0.6.3)
    will_paginate (3.3.1)
    will_paginate-bootstrap (1.0.2)
      will_paginate (>= 3.0.3)
    zeitwerk (2.5.1)

PLATFORMS
  arm64-darwin-20

DEPENDENCIES
  awesome_print
  byebug
  capistrano
  capistrano-bundler
  capistrano-faster-assets
  capistrano-passenger
  capistrano-rails
  capistrano-rvm
  capistrano-secrets-yml
  capistrano-upload-config
  chartkick
  coffee-rails (~> 4.2)
  devise
  groupdate (~> 3.0.0)
  httparty
  jbuilder (~> 2.5)
  jquery-rails
  mysql2
  puma (~> 5.0)
  rack-cors
  rails (~> 6.0)
  rolify
  sass-rails (~> 5.0)
  spring
  spring-watcher-listen (~> 2.0.0)
  sqlite3
  turbolinks (~> 5)
  tzinfo-data
  uglifier (>= 1.3.0)
  web-console
  whenever
  will_paginate-bootstrap

BUNDLED WITH
   2.2.30
